GEM
  remote: https://rubygems.org/
  specs:
    activesupport (6.1.4.6)
      concurrent-ruby (~> 1.0, >= 1.0.2)
      i18n (>= 1.6, < 2)
      minitest (>= 5.1)
      tzinfo (~> 2.0)
      zeitwerk (~> 2.3)
    chef-utils (17.9.46)
      concurrent-ruby
    concurrent-ruby (1.1.9)
    daemons (1.4.1)
    eventmachine (1.2.7)
    i18n (1.10.0)
      concurrent-ruby (~> 1.0)
    json (2.6.1)
    minitest (5.15.0)
    mixlib-shellout (3.2.5)
      chef-utils
    mustermann (1.1.1)
      ruby2_keywords (~> 0.0.1)
    rack (2.2.3)
    rack-protection (2.1.0)
      rack
    ruby2_keywords (0.0.5)
    sinatra (2.1.0)
      mustermann (~> 1.0)
      rack (~> 2.2)
      rack-protection (= 2.1.0)
      tilt (~> 2.0)
    thin (1.8.1)
      daemons (~> 1.0, >= 1.0.9)
      eventmachine (~> 1.0, >= 1.0.4)
      rack (>= 1, < 3)
    tilt (2.0.10)
    tzinfo (2.0.4)
      concurrent-ruby (~> 1.0)
    utf8-cleaner (1.0.0)
      activesupport
    zeitwerk (2.5.4)

PLATFORMS
  ruby

DEPENDENCIES
  bundler
  json
  mixlib-shellout
  sinatra
  thin
  utf8-cleaner

BUNDLED WITH
   2.0.1